GEM
  remote: https://rubygems.org/
  specs:
    backports (3.6.4)
    configatron (4.5.0)
    curb (0.8.8)
    httpi (2.4.0)
      rack
    multi_json (1.11.0)
    rack (1.6.0)
    rack-protection (1.5.3)
      rack
    rack-test (0.6.3)
      rack (>= 1.0)
    sinatra (1.4.6)
      rack (~> 1.4)
      rack-protection (~> 1.4)
      tilt (>= 1.3, < 3)
    sinatra-contrib (1.4.2)
      backports (>= 2.0)
      multi_json
      rack-protection
      rack-test
      sinatra (~> 1.4.0)
      tilt (~> 1.3)
    sinatra-param (1.4.0)
      sinatra (~> 1.3)
    tilt (1.4.1)

PLATFORMS
  ruby

DEPENDENCIES
  configatron (~> 4.5.0)
  curb (~> 0.8.8)
  httpi (~> 2.4.0)
  sinatra (~> 1.4.6)
  sinatra-contrib (~> 1.4.2)
  sinatra-param (~> 1.4.0)
